GEM
  remote: http://rubygems.org/
  specs:
    activemodel (5.0.2)
      activesupport (= 5.0.2)
    activerecord (5.0.2)
      activemodel (= 5.0.2)
      activesupport (= 5.0.2)
      arel (~> 7.0)
    activerecord-mysql2-adapter (0.0.3)
      mysql2
    activesupport (5.0.2)
      concurrent-ruby (~> 1.0, >= 1.0.2)
      i18n (~> 0.7)
      minitest (~> 5.1)
      tzinfo (~> 1.1)
    arel (7.1.4)
    builder (3.2.3)
    childprocess (0.9.0)
      ffi (~> 1.0, >= 1.0.11)
    concurrent-ruby (1.0.5)
    cucumber (2.4.0)
      builder (>= 2.1.2)
      cucumber-core (~> 1.5.0)
      cucumber-wire (~> 0.0.1)
      diff-lcs (>= 1.1.3)
      gherkin (~> 4.0)
      multi_json (>= 1.7.5, < 2.0)
      multi_test (>= 0.1.2)
    cucumber-core (1.5.0)
      gherkin (~> 4.0)
    cucumber-wire (0.0.1)
    diff-lcs (1.1.3)
    domain_name (0.5.20180417)
      unf (>= 0.0.5, < 1.0.0)
    ffi (1.9.23-x64-mingw32)
    gherkin (4.1.3)
    headless (1.0.1)
    i18n (0.7.0)
    json (2.0.1)
    json_spec (1.1.4)
      multi_json (~> 1.0)
      rspec (>= 2.0, < 4.0)
    macaddr (1.7.1)
      systemu (~> 2.6.2)
    mechanize (2.6.0)
      domain_name (~> 0.5, >= 0.5.1)
      mime-types (~> 1.17, >= 1.17.2)
      net-http-digest_auth (~> 1.1, >= 1.1.1)
      net-http-persistent (~> 2.5, >= 2.5.2)
      nokogiri (~> 1.4)
      ntlm-http (~> 0.1, >= 0.1.1)
      webrobots (>= 0.0.9, < 0.2)
    methodize (0.3.1)
    mime-types (1.25.1)
    mini_portile2 (2.1.0)
    minitest (5.10.3)
    multi_json (1.13.1)
    multi_test (0.1.2)
    mysql2 (0.4.4-x64-mingw32)
    net-http-digest_auth (1.4.1)
    net-http-persistent (2.9.4)
    net-sftp (2.0.5)
      net-ssh (>= 2.0.9)
    net-ssh (2.3.0)
    nokogiri (1.7.1-x64-mingw32)
      mini_portile2 (~> 2.1.0)
    ntlm-http (0.1.1)
    rack (1.4.1)
    rack-protection (1.5.3)
      rack
    rake (10.0.3)
    random_data (1.6.0)
    rspec (2.11.0)
      rspec-core (~> 2.11.0)
      rspec-expectations (~> 2.11.0)
      rspec-mocks (~> 2.11.0)
    rspec-core (2.11.1)
    rspec-expectations (2.11.3)
      diff-lcs (~> 1.1.3)
    rspec-mocks (2.11.3)
    rubyzip (1.2.1)
    selenium-webdriver (2.45.0)
      childprocess (~> 0.5)
      multi_json (~> 1.0)
      rubyzip (~> 1.0)
      websocket (~> 1.0)
    sinatra (1.3.3)
      rack (~> 1.3, >= 1.3.6)
      rack-protection (~> 1.2)
      tilt (~> 1.3, >= 1.3.3)
    systemu (2.6.5)
    thread_safe (0.3.6)
    tilt (1.4.1)
    tzinfo (1.2.5)
      thread_safe (~> 0.1)
    unf (0.1.4)
      unf_ext
    unf_ext (0.0.7.5-x64-mingw32)
    uuid (2.3.5)
      macaddr (~> 1.0)
    watir-webdriver (0.7.0)
      selenium-webdriver (>= 2.45)
    webrobots (0.1.2)
    websocket (1.2.5)
    writeexcel (0.6.12)

PLATFORMS
  x64-mingw32

DEPENDENCIES
  activerecord (= 5.0.2)
  activerecord-mysql2-adapter (= 0.0.3)
  activesupport (= 5.0.2)
  cucumber (= 2.4.0)
  headless (= 1.0.1)
  i18n (= 0.7.0)
  json (= 2.0.1)
  json_spec (= 1.1.4)
  mechanize (= 2.6.0)
  methodize (= 0.3.1)
  mysql2 (= 0.4.4)
  net-sftp (= 2.0.5)
  net-ssh (= 2.3.0)
  nokogiri (= 1.7.1)
  rack (= 1.4.1)
  rake (= 10.0.3)
  random_data (= 1.6.0)
  rspec (= 2.11.0)
  selenium-webdriver (= 2.45.0)
  sinatra (= 1.3.3)
  uuid (= 2.3.5)
  watir-webdriver (= 0.7.0)
  writeexcel (= 0.6.12)

BUNDLED WITH
   1.12.5
